GIT
  remote: https://github.com/pboehm/Plex-Ruby.git
  revision: 91fc2d54e54da124d49b641b65c322993e5d4c37
  specs:
    plex-ruby (1.5.1)
      nokogiri

GEM
  remote: https://rubygems.org/
  specs:
    coderay (1.1.0)
    columnize (0.3.6)
    debugger (1.6.6)
      columnize (>= 0.3.1)
      debugger-linecache (~> 1.2.0)
      debugger-ruby_core_source (~> 1.3.2)
    debugger-linecache (1.2.0)
    debugger-ruby_core_source (1.3.2)
    method_source (0.8.2)
    mini_portile (0.6.0)
    nokogiri (1.6.2.1)
      mini_portile (= 0.6.0)
    pry (0.9.12.6)
      coderay (~> 1.0)
      method_source (~> 0.8)
      slop (~> 3.4)
    pry-debugger (0.2.2)
      debugger (~> 1.3)
      pry (~> 0.9.10)
    slop (3.4.7)

PLATFORMS
  ruby

DEPENDENCIES
  plex-ruby!
  pry
  pry-debugger
